GIT
  remote: https://github.com/rspec/rspec-core.git
  revision: f8c8880dabd8f0544a6f91d8d4c857c1bd8df903
  branch: main
  specs:
    rspec-core (3.13.0.pre)
      rspec-support (= 3.13.0.pre)

GIT
  remote: https://github.com/rspec/rspec-expectations.git
  revision: d0bb212c371fb6381cae2f9b86c4a025881f7ead
  branch: main
  specs:
    rspec-expectations (3.13.0.pre)
      diff-lcs (>= 1.2.0, < 2.0)
      rspec-support (= 3.13.0.pre)

GIT
  remote: https://github.com/rspec/rspec-mocks.git
  revision: 103475e20b0e77df866f9c0574f360337f90aaec
  branch: main
  specs:
    rspec-mocks (3.13.0.pre)
      diff-lcs (>= 1.2.0, < 2.0)
      rspec-support (= 3.13.0.pre)

GIT
  remote: https://github.com/rspec/rspec-support.git
  revision: bde1f531f21d916fa9223191f17dce8cdef97665
  branch: main
  specs:
    rspec-support (3.13.0.pre)

GEM
  remote: https://rubygems.org/
  specs:
    ast (2.4.2)
    coderay (1.1.3)
    diff-lcs (1.5.0)
    json (2.7.1)
    language_server-protocol (3.17.0.3)
    method_source (1.0.0)
    parallel (1.24.0)
    parser (3.3.0.4)
      ast (~> 2.4.1)
      racc
    pry (0.14.2)
      coderay (~> 1.1)
      method_source (~> 1.0)
    pry-nav (1.0.0)
      pry (>= 0.9.10, < 0.15)
    pry-remote (0.1.8)
      pry (~> 0.9)
      slop (~> 3.0)
    racc (1.7.3)
    rainbow (3.1.1)
    regexp_parser (2.9.0)
    rexml (3.2.6)
    rubocop (1.60.1)
      json (~> 2.3)
      language_server-protocol (>= 3.17.0)
      parallel (~> 1.10)
      parser (>= 3.3.0.2)
      rainbow (>= 2.2.2, < 4.0)
      regexp_parser (>= 1.8, < 3.0)
      rexml (>= 3.2.5, < 4.0)
      rubocop-ast (>= 1.30.0, < 2.0)
      ruby-progressbar (~> 1.7)
      unicode-display_width (>= 2.4.0, < 3.0)
    rubocop-ast (1.30.0)
      parser (>= 3.2.1.0)
    ruby-progressbar (1.13.0)
    slop (3.6.0)
    unicode-display_width (2.5.0)

PLATFORMS
  ruby
  x86_64-darwin-23

DEPENDENCIES
  pry
  pry-nav
  pry-remote
  rspec-core!
  rspec-expectations!
  rspec-mocks!
  rspec-support!
  rubocop

BUNDLED WITH
   2.5.4
